GEM
  remote: http://rubygems.org/
  specs:
    addressable (2.2.8)
    clockwork (0.2.4)
    faraday (0.7.6)
      addressable (~> 2.2)
      multipart-post (~> 1.1)
      rack (~> 1.1)
    faraday_middleware (0.7.0)
      faraday (~> 0.7.3)
    foreman (0.53.0)
      thor (>= 0.13.6)
    hashie (1.1.0)
    multi_json (1.0.3)
    multi_xml (0.2.2)
    multipart-post (1.1.5)
    rack (1.4.1)
    simple_oauth (0.1.5)
    thor (0.15.4)
    twitter (1.6.2)
      faraday (~> 0.7.4)
      faraday_middleware (~> 0.7.0)
      hashie (~> 1.1.0)
      multi_json (~> 1.0.0)
      multi_xml (~> 0.2.0)
      simple_oauth (~> 0.1.5)

PLATFORMS
  ruby

DEPENDENCIES
  clockwork
  foreman
  twitter
